PATH
  remote: .
  specs:
    oneroster (0.1)
      addressable
      flexirest
      oauth

GEM
  remote: https://rubygems.org/
  specs:
    activesupport (5.0.0.1)
      concurrent-ruby (~> 1.0, >= 1.0.2)
      i18n (~> 0.7)
      minitest (~> 5.1)
      tzinfo (~> 1.1)
    addressable (2.4.0)
    concurrent-ruby (1.0.2)
    crack (0.4.3)
      safe_yaml (~> 1.0.0)
    faraday (0.10.0)
      multipart-post (>= 1.2, < 3)
    flexirest (1.3.26)
      activesupport
      crack
      faraday
      multi_json
    i18n (0.7.0)
    minitest (5.9.1)
    multi_json (1.12.1)
    multipart-post (2.0.0)
    oauth (0.5.1)
    safe_yaml (1.0.4)
    thread_safe (0.3.5)
    tzinfo (1.2.2)
      thread_safe (~> 0.1)

PLATFORMS
  ruby

DEPENDENCIES
  oneroster!

BUNDLED WITH
   1.13.1
