PATH
  remote: .
  specs:
    oneroster (0.2)
      addressable
      flexirest
<<<<<<< HEAD
      oauth2
=======

PATH
  remote: ../oauth-ruby
  specs:
    oauth (0.5.5)
>>>>>>> sha256 on oauth version

GEM
  remote: https://rubygems.org/
  specs:
    activesupport (5.2.1)
      concurrent-ruby (~> 1.0, >= 1.0.2)
      i18n (>= 0.7, < 2)
      minitest (~> 5.1)
      tzinfo (~> 1.1)
    addressable (2.5.2)
      public_suffix (>= 2.0.2, < 4.0)
    concurrent-ruby (1.1.3)
    crack (0.4.3)
      safe_yaml (~> 1.0.0)
    faraday (0.15.3)
      multipart-post (>= 1.2, < 3)
    flexirest (1.7.3)
      activesupport
      crack
      faraday
      multi_json
    i18n (1.1.1)
      concurrent-ruby (~> 1.0)
    minitest (5.11.3)
    multi_json (1.13.1)
    multipart-post (2.0.0)
    public_suffix (3.0.3)
    safe_yaml (1.0.4)
    thread_safe (0.3.6)
    tzinfo (1.2.5)
      thread_safe (~> 0.1)

PLATFORMS
  ruby

DEPENDENCIES
  oauth!
  oneroster!

BUNDLED WITH
   1.16.1
